{
    "Manufacturer": "Philips",
    "PatientPosition": "HFS",
    "SeriesDescription": "ImageMRSERIES",
    "ProtocolName": "WIPfMRIFieldmapP",
    "SeriesNumber": 3,
    "AcquisitionNumber": 3,
    "ImageComments": "------",
    "PhilipsRescaleSlope": 2.00049,
    "PhilipsRescaleIntercept": 0,
    "PhilipsScaleSlope": 0.0145803,
    "UsePhilipsFloatNotDisplayScaling": 1,
    "EchoTime": 0.07,
    "RepetitionTime": 7,
    "ImageOrientationPatientDICOM": [
        0.999735,
        -0.00374259,
        -0.0227303,
        0,
        0.986714,
        -0.162465
    ],
    "ConversionSoftware": "dcm2niix",
    "ConversionSoftwareVersion": "v1.0.20210317",
    "Dcm2bidsVersion": "2.1.6",
    "TotalReadoutTime": 0.0768,
    "PhaseEncodingDirection": "j-",
    "EffectiveEchoSpacing": 0.00069
}