{
    "Manufacturer": "Philips",
    "PatientPosition": "HFS",
    "SeriesDescription": "ImageMRSERIES",
    "ProtocolName": "WIPfMRIFieldmapA",
    "SeriesNumber": 5,
    "AcquisitionNumber": 5,
    "ImageComments": "#-#_g5_lisik3_Sidyads_004_211005",
    "PhilipsRescaleSlope": 1.98144,
    "PhilipsRescaleIntercept": 0,
    "PhilipsScaleSlope": 0.0162221,
    "UsePhilipsFloatNotDisplayScaling": 1,
    "EchoTime": 0.07,
    "RepetitionTime": 7,
    "ImageOrientationPatientDICOM": [
        0.998922,
        -0.0457605,
        -0.00781696,
        0.0451861,
        0.997032,
        -0.0623365
    ],
    "ConversionSoftware": "dcm2niix",
    "ConversionSoftwareVersion": "v1.0.20210317",
    "Dcm2bidsVersion": "2.1.6",
    "PhaseEncodingDirection": "j",
    "EffectiveEchoSpacing": 0.00069,
    "TotalReadoutTime": 0.0768
}