{
    "Manufacturer": "Philips",
    "PatientPosition": "HFS",
    "SeriesDescription": "ImageMRSERIES",
    "ProtocolName": "WIPSidyads",
    "SeriesNumber": 8,
    "AcquisitionNumber": 8,
    "ImageComments": "#-#_g5_lisik3_Sidyads_004_211006",
    "PhilipsRescaleSlope": 0.79219,
    "PhilipsRescaleIntercept": 0,
    "PhilipsScaleSlope": 0.0643887,
    "UsePhilipsFloatNotDisplayScaling": 1,
    "EchoTime": 0.03,
    "RepetitionTime": 1.5,
    "ImageOrientationPatientDICOM": [
        0.999293,
        0.0375816,
        -0.000446992,
        -0.0375157,
        0.996682,
        -0.0722278
    ],
    "ConversionSoftware": "dcm2niix",
    "ConversionSoftwareVersion": "v1.0.20210317",
    "Dcm2bidsVersion": "2.1.6",
    "ActualEchoSpacing": 0.000718,
    "TotalReadoutTime": 0.0768,
    "EffectiveEchoSpacing": 0.00069,
    "PhaseEncodingDirection": "j",
    "SliceTiming": [
        0.0,
        0.8,
        0.1,
        0.9,
        0.2,
        1.0,
        0.3,
        1.1,
        0.4,
        1.2,
        0.5,
        1.3,
        0.6,
        1.4,
        0.7,
        0.0,
        0.8,
        0.1,
        0.9,
        0.2,
        1.0,
        0.3,
        1.1,
        0.4,
        1.2,
        0.5,
        1.3,
        0.6,
        1.4,
        0.7,
        0.0,
        0.8,
        0.1,
        0.9,
        0.2,
        1.0,
        0.3,
        1.1,
        0.4,
        1.2,
        0.5,
        1.3,
        0.6,
        1.4,
        0.7,
        0.0,
        0.8,
        0.1,
        0.9,
        0.2,
        1.0,
        0.3,
        1.1,
        0.4,
        1.2,
        0.5,
        1.3,
        0.6,
        1.4,
        0.7
    ],
    "TaskName": "SIdyads"
}