{
    "Manufacturer": "Philips",
    "PatientPosition": "HFS",
    "SeriesDescription": "ImageMRSERIES",
    "ProtocolName": "WIPSidyads_ref",
    "SeriesNumber": 39,
    "AcquisitionNumber": 39,
    "ImageComments": "#-#_g5_lisik3_Sidyads_004_211006",
    "PhilipsRescaleSlope": 1.43394,
    "PhilipsRescaleIntercept": 0,
    "PhilipsScaleSlope": 0.0233975,
    "UsePhilipsFloatNotDisplayScaling": 1,
    "EchoTime": 0.03,
    "RepetitionTime": 5,
    "ImageOrientationPatientDICOM": [
        0.999293,
        0.0375816,
        -0.000446992,
        -0.0375157,
        0.996682,
        -0.0722278
    ],
    "ConversionSoftware": "dcm2niix",
    "ConversionSoftwareVersion": "v1.0.20210317",
    "Dcm2bidsVersion": "2.1.6",
    "TotalReadoutTime": 0.0768,
    "PhaseEncodingDirection": "j",
    "EffectiveEchoSpacing": 0.00069
}