{
    "Modality": "MR",
    "MagneticFieldStrength": 3,
    "ImagingFrequency": 127.769,
    "Manufacturer": "Philips",
    "ManufacturersModelName": "Ingenia Elition X",
    "InstitutionName": "Kennedy Krieger Institute",
    "InstitutionalDepartmentName": "MR2",
    "DeviceSerialNumber": "45002",
    "StationName": "MR2",
    "BodyPartExamined": "BRAIN",
    "PatientPosition": "HFS",
    "ProcedureStepDescription": "#-#/g5/lisik3/Sidyads/003_211013",
    "SoftwareVersions": "5.7.1\\5.7.1.0",
    "MRAcquisitionType": "2D",
    "SeriesDescription": "Sidyads",
    "ProtocolName": "WIP Sidyads",
    "ScanningSequence": "GR",
    "SequenceVariant": "SK",
    "ScanOptions": "FS",
    "ImageType": [
        "ORIGINAL",
        "PRIMARY",
        "T2",
        "NONE"
    ],
    "SeriesNumber": 3301,
    "AcquisitionTime": "16:17:3.700000",
    "AcquisitionNumber": 33,
    "PhilipsRescaleSlope": 0.919414,
    "PhilipsRescaleIntercept": 0,
    "PhilipsScaleSlope": 0.0573787,
    "UsePhilipsFloatNotDisplayScaling": 1,
    "SliceThickness": 2,
    "SpacingBetweenSlices": 2,
    "EchoTime": 0.03,
    "RepetitionTime": 1.5,
    "FlipAngle": 52,
    "CoilString": "MULTI COIL",
    "PercentPhaseFOV": 100,
    "PercentSampling": 100,
    "EchoTrainLength": 107,
    "PartialFourierEnabled": "YES",
    "PhaseEncodingStepsNoPartialFourier": 107,
    "AcquisitionMatrixPE": 107,
    "ReconMatrixPE": 112,
    "ParallelReductionOutOfPlane": 4,
    "WaterFatShift": 33.6955,
    "EstimatedEffectiveEchoSpacing": 0.000692319,
    "EstimatedTotalReadoutTime": 0.0768474,
    "PixelBandwidth": 1742.23,
    "PhaseEncodingAxis": "j",
    "ImageOrientationPatientDICOM": [
        0.999276,
        0.0375306,
        0.00621946,
        -0.0375107,
        0.999291,
        -0.00328008
    ],
    "InPlanePhaseEncodingDirectionDICOM": "COL",
    "ConversionSoftware": "dcm2niix",
    "ConversionSoftwareVersion": "v1.0.20210317",
    "Dcm2bidsVersion": "2.1.6",
    "ActualEchoSpacing": 0.000718,
    "TotalReadoutTime": 0.0768,
    "EffectiveEchoSpacing": 0.00069,
    "PhaseEncodingDirection": "j",
    "SliceTiming": [
        0.0,
        0.8,
        0.1,
        0.9,
        0.2,
        1.0,
        0.3,
        1.1,
        0.4,
        1.2,
        0.5,
        1.3,
        0.6,
        1.4,
        0.7,
        0.0,
        0.8,
        0.1,
        0.9,
        0.2,
        1.0,
        0.3,
        1.1,
        0.4,
        1.2,
        0.5,
        1.3,
        0.6,
        1.4,
        0.7,
        0.0,
        0.8,
        0.1,
        0.9,
        0.2,
        1.0,
        0.3,
        1.1,
        0.4,
        1.2,
        0.5,
        1.3,
        0.6,
        1.4,
        0.7,
        0.0,
        0.8,
        0.1,
        0.9,
        0.2,
        1.0,
        0.3,
        1.1,
        0.4,
        1.2,
        0.5,
        1.3,
        0.6,
        1.4,
        0.7
    ],
    "TaskName": "SIdyads"
}