{
    "Manufacturer": "Philips",
    "PatientPosition": "HFS",
    "SeriesDescription": "ImageMRSERIES",
    "ProtocolName": "WIPMPRAGE_CS",
    "SeriesNumber": 3,
    "AcquisitionNumber": 3,
    "ImageComments": "#-#_g5_lisik3_Sidyads_003_211006",
    "PhilipsRescaleSlope": 3.9199,
    "PhilipsRescaleIntercept": 0,
    "PhilipsScaleSlope": 0.00302309,
    "UsePhilipsFloatNotDisplayScaling": 1,
    "EchoTime": 0.0024,
    "RepetitionTime": 0.0076,
    "ImageOrientationPatientDICOM": [
        0.0329643,
        0.999128,
        0.0256347,
        0.0315852,
        0.0245944,
        -0.999198
    ],
    "ConversionSoftware": "dcm2niix",
    "ConversionSoftwareVersion": "v1.0.20210317",
    "Dcm2bidsVersion": "2.1.6"
}