{
    "Manufacturer": "Philips",
    "PatientPosition": "HFS",
    "SeriesDescription": "ImageMRSERIES",
    "ProtocolName": "WIPMPrage32chan_AX",
    "SeriesNumber": 2,
    "AcquisitionNumber": 2,
    "ImageComments": "#-#_g5_lisik3_Functional_002_210922",
    "PhilipsRescaleSlope": 3.2,
    "PhilipsRescaleIntercept": 0,
    "PhilipsScaleSlope": 0.00623419,
    "UsePhilipsFloatNotDisplayScaling": 1,
    "EchoTime": 0.00373,
    "RepetitionTime": 0.008095,
    "InversionTime": 0.9,
    "ImageOrientationPatientDICOM": [
        0.998764,
        -0.0457768,
        -0.0193446,
        0.0444803,
        0.997032,
        -0.0628424
    ],
    "ConversionSoftware": "dcm2niix",
    "ConversionSoftwareVersion": "v1.0.20210317",
    "Dcm2bidsVersion": "2.1.6"
}