{
    "Manufacturer": "Philips",
    "PatientPosition": "HFS",
    "SeriesDescription": "ImageMRSERIES",
    "ProtocolName": "WIPfMRIFieldmapP",
    "SeriesNumber": 4,
    "AcquisitionNumber": 4,
    "ImageComments": "#-#_g5_lisik3_Functional_001_210823",
    "PhilipsRescaleSlope": 2.43248,
    "PhilipsRescaleIntercept": 0,
    "PhilipsScaleSlope": 0.0147945,
    "UsePhilipsFloatNotDisplayScaling": 1,
    "EchoTime": 0.07,
    "RepetitionTime": 7,
    "ImageOrientationPatientDICOM": [
        1,
        0,
        0,
        0,
        0.998198,
        0.0600033
    ],
    "ConversionSoftware": "dcm2niix",
    "ConversionSoftwareVersion": "v1.0.20210317",
    "Dcm2bidsVersion": "2.1.6",
    "PhaseEncodingDirection": "j-",
    "EffectiveEchoSpacing": 0.00069,
    "TotalReadoutTime": 0.0768
}