{
    "Manufacturer": "Philips",
    "PatientPosition": "HFS",
    "SeriesDescription": "ImageMRSERIES",
    "ProtocolName": "WIPMPRAGE_CS",
    "SeriesNumber": 2,
    "AcquisitionNumber": 2,
    "ImageComments": "#-#_g5_lisik3_Sidyads_004_211007",
    "PhilipsRescaleSlope": 4.81368,
    "PhilipsRescaleIntercept": 0,
    "PhilipsScaleSlope": 0.00334434,
    "UsePhilipsFloatNotDisplayScaling": 1,
    "EchoTime": 0.0024,
    "RepetitionTime": 0.0076,
    "ImageOrientationPatientDICOM": [
        -0.0375157,
        0.99629,
        -0.0774454,
        0.00226893,
        -0.0774149,
        -0.996996
    ],
    "ConversionSoftware": "dcm2niix",
    "ConversionSoftwareVersion": "v1.0.20210317",
    "Dcm2bidsVersion": "2.1.6"
}