{
    "Manufacturer": "Philips",
    "PatientPosition": "HFS",
    "SeriesDescription": "ImageMRSERIES",
    "ProtocolName": "WIPfMRIFieldmapA",
    "SeriesNumber": 6,
    "AcquisitionNumber": 6,
    "ImageComments": "#-#_g5_lisik3_Sidyads_001_210921",
    "PhilipsRescaleSlope": 1.77387,
    "PhilipsRescaleIntercept": 0,
    "PhilipsScaleSlope": 0.0311598,
    "UsePhilipsFloatNotDisplayScaling": 1,
    "EchoTime": 0.07,
    "RepetitionTime": 7,
    "ImageOrientationPatientDICOM": [
        1,
        0,
        0,
        0,
        1,
        0
    ],
    "ConversionSoftware": "dcm2niix",
    "ConversionSoftwareVersion": "v1.0.20210317",
    "Dcm2bidsVersion": "2.1.6",
    "PhaseEncodingDirection": "j",
    "EffectiveEchoSpacing": 0.00069,
    "TotalReadoutTime": 0.0768
}