{
    "Manufacturer": "Philips",
    "PatientPosition": "HFS",
    "SeriesDescription": "ImageMRSERIES",
    "ProtocolName": "WIPMPrage32chan_AX",
    "SeriesNumber": 2,
    "AcquisitionNumber": 2,
    "ImageComments": "#-#_g5_lisik3_Functional_001_210823",
    "PhilipsRescaleSlope": 3.18657,
    "PhilipsRescaleIntercept": 0,
    "PhilipsScaleSlope": 0.00654726,
    "UsePhilipsFloatNotDisplayScaling": 1,
    "EchoTime": 0.00367,
    "RepetitionTime": 0.007963,
    "InversionTime": 0.9,
    "ImageOrientationPatientDICOM": [
        0.998156,
        -0.0554391,
        0.0247071,
        0.0481195,
        0.970908,
        0.234568
    ],
    "ConversionSoftware": "dcm2niix",
    "ConversionSoftwareVersion": "v1.0.20210317",
    "Dcm2bidsVersion": "2.1.6"
}