{
    "Manufacturer": "Philips",
    "PatientPosition": "HFS",
    "SeriesDescription": "ImageMRSERIES",
    "ProtocolName": "WIPMPRAGE_CS",
    "SeriesNumber": 3,
    "AcquisitionNumber": 3,
    "ImageComments": "#-#_g5_lisik3_Functional_002_210922",
    "PhilipsRescaleSlope": 4.95824,
    "PhilipsRescaleIntercept": 0,
    "PhilipsScaleSlope": 0.00339518,
    "UsePhilipsFloatNotDisplayScaling": 1,
    "EchoTime": 0.0024,
    "RepetitionTime": 0.0076,
    "ImageOrientationPatientDICOM": [
        0.0444803,
        0.997032,
        -0.0628424,
        -0.0221639,
        -0.0619043,
        -0.997836
    ],
    "ConversionSoftware": "dcm2niix",
    "ConversionSoftwareVersion": "v1.0.20210317",
    "Dcm2bidsVersion": "2.1.6"
}