{
    "Manufacturer": "Philips",
    "PatientPosition": "HFS",
    "SeriesDescription": "ImageMRSERIES",
    "ProtocolName": "WIPSidyads_ref",
    "SeriesNumber": 11,
    "AcquisitionNumber": 11,
    "ImageComments": "#-#_g5_lisik3_Sidyads_004_211007",
    "PhilipsRescaleSlope": 1.49573,
    "PhilipsRescaleIntercept": 0,
    "PhilipsScaleSlope": 0.0267287,
    "UsePhilipsFloatNotDisplayScaling": 1,
    "EchoTime": 0.03,
    "RepetitionTime": 5,
    "ImageOrientationPatientDICOM": [
        0.999293,
        0.0372778,
        -0.00478957,
        -0.0375157,
        0.981645,
        -0.18699
    ],
    "ConversionSoftware": "dcm2niix",
    "ConversionSoftwareVersion": "v1.0.20210317",
    "Dcm2bidsVersion": "2.1.6",
    "TotalReadoutTime": 0.0768,
    "PhaseEncodingDirection": "j",
    "EffectiveEchoSpacing": 0.00069
}