{
    "Manufacturer": "Philips",
    "PatientPosition": "HFS",
    "SeriesDescription": "ImageMRSERIES",
    "ProtocolName": "WIPSidyads",
    "SeriesNumber": 35,
    "AcquisitionNumber": 35,
    "ImageComments": "#-#_g5_lisik3_Sidyads_001_210921",
    "PhilipsRescaleSlope": 1.11453,
    "PhilipsRescaleIntercept": 0,
    "PhilipsScaleSlope": 0.0447336,
    "UsePhilipsFloatNotDisplayScaling": 1,
    "EchoTime": 0.03,
    "RepetitionTime": 1.5,
    "ImageOrientationPatientDICOM": [
        1,
        0,
        0,
        0,
        1,
        0
    ],
    "ConversionSoftware": "dcm2niix",
    "ConversionSoftwareVersion": "v1.0.20210317",
    "Dcm2bidsVersion": "2.1.6",
    "ActualEchoSpacing": 0.000718,
    "TotalReadoutTime": 0.0768,
    "EffectiveEchoSpacing": 0.00069,
    "PhaseEncodingDirection": "j",
    "SliceTiming": [
        0.0,
        0.8,
        0.1,
        0.9,
        0.2,
        1.0,
        0.3,
        1.1,
        0.4,
        1.2,
        0.5,
        1.3,
        0.6,
        1.4,
        0.7,
        0.0,
        0.8,
        0.1,
        0.9,
        0.2,
        1.0,
        0.3,
        1.1,
        0.4,
        1.2,
        0.5,
        1.3,
        0.6,
        1.4,
        0.7,
        0.0,
        0.8,
        0.1,
        0.9,
        0.2,
        1.0,
        0.3,
        1.1,
        0.4,
        1.2,
        0.5,
        1.3,
        0.6,
        1.4,
        0.7,
        0.0,
        0.8,
        0.1,
        0.9,
        0.2,
        1.0,
        0.3,
        1.1,
        0.4,
        1.2,
        0.5,
        1.3,
        0.6,
        1.4,
        0.7
    ],
    "TaskName": "SIdyads"
}