{
    "Manufacturer": "Philips",
    "PatientPosition": "HFS",
    "SeriesDescription": "ImageMRSERIES",
    "ProtocolName": "WIPMPRAGE_CS",
    "SeriesNumber": 2,
    "AcquisitionNumber": 2,
    "ImageComments": "#-#_g5_lisik3_Sidyads_002_210923",
    "PhilipsRescaleSlope": 5.16728,
    "PhilipsRescaleIntercept": 0,
    "PhilipsScaleSlope": 0.00368082,
    "UsePhilipsFloatNotDisplayScaling": 1,
    "EchoTime": 0.0024,
    "RepetitionTime": 0.0076,
    "ImageOrientationPatientDICOM": [
        -0.0761837,
        0.997043,
        -0.0100626,
        -0.0186739,
        -0.0115169,
        -0.999759
    ],
    "ConversionSoftware": "dcm2niix",
    "ConversionSoftwareVersion": "v1.0.20210317",
    "Dcm2bidsVersion": "2.1.6"
}