{
    "Manufacturer": "Philips",
    "PatientPosition": "HFS",
    "SeriesDescription": "ImageMRSERIES",
    "ProtocolName": "WIPAmobal_ref",
    "SeriesNumber": 29,
    "AcquisitionNumber": 29,
    "ImageComments": "#-#_g5_lisik3_Sidyads_004_211005",
    "PhilipsRescaleSlope": 1.77094,
    "PhilipsRescaleIntercept": 0,
    "PhilipsScaleSlope": 0.0239953,
    "UsePhilipsFloatNotDisplayScaling": 1,
    "EchoTime": 0.03,
    "RepetitionTime": 5,
    "ImageOrientationPatientDICOM": [
        0.998922,
        -0.0457605,
        -0.00781696,
        0.0451861,
        0.997032,
        -0.0623365
    ],
    "ConversionSoftware": "dcm2niix",
    "ConversionSoftwareVersion": "v1.0.20210317",
    "Dcm2bidsVersion": "2.1.6",
    "PhaseEncodingDirection": "j",
    "TotalReadoutTime": 0.0768,
    "EffectiveEchoSpacing": 0.00069
}