{
    "Manufacturer": "Philips",
    "PatientPosition": "HFS",
    "SeriesDescription": "ImageMRSERIES",
    "ProtocolName": "WIPfMRIFieldmapA",
    "SeriesNumber": 5,
    "AcquisitionNumber": 5,
    "ImageComments": "#-#_g5_lisik3_Sidyads_003_211006",
    "PhilipsRescaleSlope": 1.80147,
    "PhilipsRescaleIntercept": 0,
    "PhilipsScaleSlope": 0.0171143,
    "UsePhilipsFloatNotDisplayScaling": 1,
    "EchoTime": 0.07,
    "RepetitionTime": 7,
    "ImageOrientationPatientDICOM": [
        0.999519,
        -0.00906523,
        0.0296682,
        0.00907159,
        0.999959,
        -7.98129e-05
    ],
    "ConversionSoftware": "dcm2niix",
    "ConversionSoftwareVersion": "v1.0.20210317",
    "Dcm2bidsVersion": "2.1.6",
    "TotalReadoutTime": 0.0768,
    "PhaseEncodingDirection": "j",
    "EffectiveEchoSpacing": 0.00069
}