{
    "Modality": "MR",
    "MagneticFieldStrength": 3,
    "ImagingFrequency": 127.769,
    "Manufacturer": "Philips",
    "ManufacturersModelName": "Ingenia Elition X",
    "InstitutionName": "Kennedy Krieger Institute",
    "InstitutionalDepartmentName": "MR2",
    "DeviceSerialNumber": "45002",
    "StationName": "MR2",
    "BodyPartExamined": "BRAIN",
    "PatientPosition": "HFS",
    "ProcedureStepDescription": "#-#/g5/lisik3/Sidyads/001_212014",
    "SoftwareVersions": "5.7.1\\5.7.1.0",
    "MRAcquisitionType": "3D",
    "SeriesDescription": "MPRAGE_CS",
    "ProtocolName": "WIP MPRAGE_CS",
    "ScanningSequence": "GR",
    "SequenceVariant": "SP",
    "ScanOptions": "PFF",
    "ImageType": [
        "ORIGINAL",
        "PRIMARY",
        "T1",
        "NONE"
    ],
    "SeriesNumber": 201,
    "AcquisitionTime": "14:05:55.120000",
    "AcquisitionNumber": 2,
    "PhilipsRescaleSlope": 4.3072,
    "PhilipsRescaleIntercept": 0,
    "PhilipsScaleSlope": 0.00312291,
    "UsePhilipsFloatNotDisplayScaling": 1,
    "SliceThickness": 1,
    "SpacingBetweenSlices": 1,
    "NumberOfAverages": 3,
    "EchoTime": 0.002401,
    "RepetitionTime": 0.0076,
    "FlipAngle": 18,
    "CoilString": "MULTI COIL",
    "PercentPhaseFOV": 100,
    "PercentSampling": 78.5398,
    "PartialFourierEnabled": "YES",
    "PhaseEncodingStepsNoPartialFourier": 240,
    "AcquisitionMatrixPE": 240,
    "ReconMatrixPE": 240,
    "ParallelReductionFactorInPlane": 2.82843,
    "ParallelReductionOutOfPlane": 2.82843,
    "WaterFatShift": 0.950847,
    "EstimatedEffectiveEchoSpacing": 4.57908e-06,
    "EstimatedTotalReadoutTime": 0.0010944,
    "PixelBandwidth": 456.871,
    "ImageOrientationPatientDICOM": [
        0.0330966,
        0.980012,
        0.196166,
        0.10564,
        0.191743,
        -0.975743
    ],
    "InPlanePhaseEncodingDirectionDICOM": "ROW",
    "ConversionSoftware": "dcm2niix",
    "ConversionSoftwareVersion": "v1.0.20210317",
    "Dcm2bidsVersion": "2.1.6"
}