{
    "Manufacturer": "Philips",
    "PatientPosition": "HFS",
    "SeriesDescription": "ImageMRSERIES",
    "ProtocolName": "WIPAmobal_ref",
    "SeriesNumber": 27,
    "AcquisitionNumber": 27,
    "ImageComments": "#-#_g5_lisik3_Functional_003_210929",
    "PhilipsRescaleSlope": 1.66032,
    "PhilipsRescaleIntercept": 0,
    "PhilipsScaleSlope": 0.0213579,
    "UsePhilipsFloatNotDisplayScaling": 1,
    "EchoTime": 0.03,
    "RepetitionTime": 5,
    "ImageOrientationPatientDICOM": [
        0.999462,
        -0.0318125,
        0.00797691,
        0.0324571,
        0.994337,
        -0.101198
    ],
    "ConversionSoftware": "dcm2niix",
    "ConversionSoftwareVersion": "v1.0.20210317",
    "Dcm2bidsVersion": "2.1.6",
    "TotalReadoutTime": 0.0768,
    "PhaseEncodingDirection": "j",
    "EffectiveEchoSpacing": 0.00069
}