{
    "Modality": "MR",
    "MagneticFieldStrength": 3,
    "ImagingFrequency": 127.769,
    "Manufacturer": "Philips",
    "ManufacturersModelName": "Ingenia Elition X",
    "InstitutionName": "Kennedy Krieger Institute",
    "InstitutionalDepartmentName": "MR2",
    "DeviceSerialNumber": "45002",
    "StationName": "MR2",
    "BodyPartExamined": "BRAIN",
    "PatientPosition": "HFS",
    "ProcedureStepDescription": "#-#/g5/lisik3/Sidyads/001_212014",
    "SoftwareVersions": "5.7.1\\5.7.1.0",
    "MRAcquisitionType": "2D",
    "SeriesDescription": "WIP fMRI Fieldmap P",
    "ProtocolName": "WIP fMRI Fieldmap P",
    "ScanningSequence": "SE",
    "SequenceVariant": "SK",
    "ScanOptions": "FS",
    "ImageType": [
        "ORIGINAL",
        "PRIMARY",
        "T2",
        "NONE"
    ],
    "SeriesNumber": 301,
    "AcquisitionTime": "14:10:10.100000",
    "AcquisitionNumber": 3,
    "PhilipsRescaleSlope": 1.66496,
    "PhilipsRescaleIntercept": 0,
    "PhilipsScaleSlope": 0.0134023,
    "UsePhilipsFloatNotDisplayScaling": 1,
    "SliceThickness": 2,
    "SpacingBetweenSlices": 2,
    "EchoTime": 0.07,
    "RepetitionTime": 7,
    "FlipAngle": 90,
    "CoilString": "MULTI COIL",
    "PercentPhaseFOV": 100,
    "PercentSampling": 100,
    "EchoTrainLength": 107,
    "PartialFourierEnabled": "YES",
    "PhaseEncodingStepsNoPartialFourier": 107,
    "AcquisitionMatrixPE": 107,
    "ReconMatrixPE": 112,
    "ParallelReductionOutOfPlane": 2,
    "WaterFatShift": 30.9838,
    "EstimatedEffectiveEchoSpacing": 0.000636602,
    "EstimatedTotalReadoutTime": 0.0706628,
    "PixelBandwidth": 1902.13,
    "PhaseEncodingAxis": "j",
    "ImageOrientationPatientDICOM": [
        0.999359,
        -0.016411,
        0.0318033,
        0.0137953,
        0.996636,
        0.0807886
    ],
    "InPlanePhaseEncodingDirectionDICOM": "COL",
    "ConversionSoftware": "dcm2niix",
    "ConversionSoftwareVersion": "v1.0.20210317",
    "Dcm2bidsVersion": "2.1.6",
    "TotalReadoutTime": 0.0768,
    "PhaseEncodingDirection": "j-",
    "EffectiveEchoSpacing": 0.00069
}