{
    "Manufacturer": "Philips",
    "PatientPosition": "HFS",
    "SeriesDescription": "ImageMRSERIES",
    "ProtocolName": "WIPMPrage32chan_AX",
    "SeriesNumber": 2,
    "AcquisitionNumber": 2,
    "ImageComments": "#-#_g5_lisik3_Functional_003_210929",
    "PhilipsRescaleSlope": 2.79243,
    "PhilipsRescaleIntercept": 0,
    "PhilipsScaleSlope": 0.00533244,
    "UsePhilipsFloatNotDisplayScaling": 1,
    "EchoTime": 0.00372,
    "RepetitionTime": 0.008097,
    "InversionTime": 0.9,
    "ImageOrientationPatientDICOM": [
        0.999445,
        -0.0322688,
        0.00827476,
        0.0324565,
        0.999193,
        -0.0236526
    ],
    "ConversionSoftware": "dcm2niix",
    "ConversionSoftwareVersion": "v1.0.20210317",
    "Dcm2bidsVersion": "2.1.6"
}