{
    "Manufacturer": "Philips",
    "PatientPosition": "HFS",
    "SeriesDescription": "ImageMRSERIES",
    "ProtocolName": "WIPMPRAGE_CS",
    "SeriesNumber": 3,
    "AcquisitionNumber": 3,
    "ImageComments": "#-#_g5_lisik3_Functional_003_210929",
    "PhilipsRescaleSlope": 3.96532,
    "PhilipsRescaleIntercept": 0,
    "PhilipsScaleSlope": 0.0029842,
    "UsePhilipsFloatNotDisplayScaling": 1,
    "EchoTime": 0.0024,
    "RepetitionTime": 0.0076,
    "ImageOrientationPatientDICOM": [
        0.0324571,
        0.999431,
        0.00922375,
        0.00471237,
        0.00907549,
        -0.999948
    ],
    "ConversionSoftware": "dcm2niix",
    "ConversionSoftwareVersion": "v1.0.20210317",
    "Dcm2bidsVersion": "2.1.6"
}