{
    "Modality": "MR",
    "MagneticFieldStrength": 3,
    "ImagingFrequency": 127.769,
    "Manufacturer": "Philips",
    "ManufacturersModelName": "Ingenia Elition X",
    "InstitutionName": "Kennedy Krieger Institute",
    "InstitutionalDepartmentName": "MR2",
    "DeviceSerialNumber": "45002",
    "StationName": "MR2",
    "BodyPartExamined": "BRAIN",
    "PatientPosition": "HFS",
    "ProcedureStepDescription": "#-#/g5/lisik3/Sidyads/002_211012",
    "SoftwareVersions": "5.7.1\\5.7.1.0",
    "MRAcquisitionType": "2D",
    "SeriesDescription": "Sidyads_ref",
    "ProtocolName": "WIP Sidyads_ref",
    "ScanningSequence": "GR",
    "SequenceVariant": "SK",
    "ScanOptions": "FS",
    "ImageType": [
        "ORIGINAL",
        "PRIMARY",
        "T2",
        "NONE"
    ],
    "SeriesNumber": 1901,
    "AcquisitionTime": "14:37:17.560000",
    "AcquisitionNumber": 19,
    "PhilipsRescaleSlope": 1.68962,
    "PhilipsRescaleIntercept": 0,
    "PhilipsScaleSlope": 0.0202615,
    "UsePhilipsFloatNotDisplayScaling": 1,
    "SliceThickness": 2,
    "SpacingBetweenSlices": 2,
    "EchoTime": 0.03,
    "RepetitionTime": 5,
    "FlipAngle": 52,
    "CoilString": "MULTI COIL",
    "PercentPhaseFOV": 100,
    "PercentSampling": 100,
    "EchoTrainLength": 107,
    "PartialFourierEnabled": "YES",
    "PhaseEncodingStepsNoPartialFourier": 107,
    "AcquisitionMatrixPE": 107,
    "ReconMatrixPE": 112,
    "WaterFatShift": 33.6955,
    "EstimatedEffectiveEchoSpacing": 0.000692319,
    "EstimatedTotalReadoutTime": 0.0768474,
    "PixelBandwidth": 1667.71,
    "PhaseEncodingAxis": "j",
    "ImageOrientationPatientDICOM": [
        0.999097,
        0.0371058,
        -0.0206966,
        -0.0408513,
        0.972824,
        -0.227914
    ],
    "InPlanePhaseEncodingDirectionDICOM": "COL",
    "ConversionSoftware": "dcm2niix",
    "ConversionSoftwareVersion": "v1.0.20210317",
    "Dcm2bidsVersion": "2.1.6",
    "TotalReadoutTime": 0.0768,
    "PhaseEncodingDirection": "j",
    "EffectiveEchoSpacing": 0.00069
}