{
    "Manufacturer": "Philips",
    "PatientPosition": "HFS",
    "SeriesDescription": "ImageMRSERIES",
    "ProtocolName": "WIPSidyads_ref",
    "SeriesNumber": 31,
    "AcquisitionNumber": 31,
    "ImageComments": "#-#_g5_lisik3_Sidyads_004_211008",
    "PhilipsRescaleSlope": 1.44054,
    "PhilipsRescaleIntercept": 0,
    "PhilipsScaleSlope": 0.0250161,
    "UsePhilipsFloatNotDisplayScaling": 1,
    "EchoTime": 0.03,
    "RepetitionTime": 5,
    "ImageOrientationPatientDICOM": [
        0.999994,
        -0.00349065,
        0,
        0.00349065,
        0.999994,
        0
    ],
    "ConversionSoftware": "dcm2niix",
    "ConversionSoftwareVersion": "v1.0.20210317",
    "Dcm2bidsVersion": "2.1.6",
    "TotalReadoutTime": 0.0768,
    "PhaseEncodingDirection": "j",
    "EffectiveEchoSpacing": 0.00069
}