{
    "Manufacturer": "Philips",
    "PatientPosition": "HFS",
    "SeriesDescription": "ImageMRSERIES",
    "ProtocolName": "WIPMPRAGE_CS",
    "SeriesNumber": 3,
    "AcquisitionNumber": 3,
    "ImageComments": "#-#_g5_lisik3_Sidyads_004_211005",
    "PhilipsRescaleSlope": 5.50085,
    "PhilipsRescaleIntercept": 0,
    "PhilipsScaleSlope": 0.00344311,
    "UsePhilipsFloatNotDisplayScaling": 1,
    "EchoTime": 0.0024,
    "RepetitionTime": 0.0076,
    "ImageOrientationPatientDICOM": [
        0.0451861,
        0.997032,
        -0.0623365,
        -0.0106463,
        -0.061916,
        -0.998025
    ],
    "ConversionSoftware": "dcm2niix",
    "ConversionSoftwareVersion": "v1.0.20210317",
    "Dcm2bidsVersion": "2.1.6"
}