{
    "Manufacturer": "Philips",
    "PatientPosition": "HFS",
    "SeriesDescription": "ImageMRSERIES",
    "ProtocolName": "WIPSI_PSTS",
    "SeriesNumber": 22,
    "AcquisitionNumber": 22,
    "ImageComments": "#-#_g5_lisik3_Sidyads_004_211005",
    "PhilipsRescaleSlope": 0.87839,
    "PhilipsRescaleIntercept": 0,
    "PhilipsScaleSlope": 0.0696832,
    "UsePhilipsFloatNotDisplayScaling": 1,
    "EchoTime": 0.03,
    "RepetitionTime": 1.5,
    "ImageOrientationPatientDICOM": [
        0.998922,
        -0.0457605,
        -0.00781696,
        0.0451861,
        0.997032,
        -0.0623365
    ],
    "ConversionSoftware": "dcm2niix",
    "ConversionSoftwareVersion": "v1.0.20210317",
    "Dcm2bidsVersion": "2.1.6",
    "ActualEchoSpacing": 0.000718,
    "TotalReadoutTime": 0.0768,
    "EffectiveEchoSpacing": 0.00069,
    "PhaseEncodingDirection": "j",
    "SliceTiming": [
        0.0,
        0.8,
        0.1,
        0.9,
        0.2,
        1.0,
        0.3,
        1.1,
        0.4,
        1.2,
        0.5,
        1.3,
        0.6,
        1.4,
        0.7,
        0.0,
        0.8,
        0.1,
        0.9,
        0.2,
        1.0,
        0.3,
        1.1,
        0.4,
        1.2,
        0.5,
        1.3,
        0.6,
        1.4,
        0.7,
        0.0,
        0.8,
        0.1,
        0.9,
        0.2,
        1.0,
        0.3,
        1.1,
        0.4,
        1.2,
        0.5,
        1.3,
        0.6,
        1.4,
        0.7,
        0.0,
        0.8,
        0.1,
        0.9,
        0.2,
        1.0,
        0.3,
        1.1,
        0.4,
        1.2,
        0.5,
        1.3,
        0.6,
        1.4,
        0.7
    ],
    "TaskName": "SIpSTS"
}